PATH
  remote: .
  specs:
    coderative-juicer (1.2.1)
      cmdparse (~> 2.0.6)
      nokogiri (>= 1.5.0)
      rubyzip (~> 1.0)
      zip-zip (~> 0.3)

GEM
  remote: http://rubygems.org/
  specs:
    activesupport (4.0.13)
      i18n (~> 0.6, >= 0.6.9)
      minitest (~> 4.2)
      multi_json (~> 1.3)
      thread_safe (~> 0.1)
      tzinfo (~> 0.3.37)
    cmdparse (2.0.6)
    fakefs (0.6.7)
    git (1.2.5)
    i18n (0.7.0)
    jeweler (1.8.4)
      bundler (~> 1.0)
      git (>= 1.2.5)
      rake
      rdoc
    json (1.7.5)
    json (1.7.5-java)
    metaclass (0.0.4)
    mini_portile (0.6.2)
    minitest (4.7.5)
    mocha (1.1.0)
      metaclass (~> 0.0.1)
    multi_json (1.11.0)
    nokogiri (1.6.6.2)
      mini_portile (~> 0.6.0)
    nokogiri (1.6.6.2-java)
    nokogiri (1.6.6.2-x86-mingw32)
      mini_portile (~> 0.6.0)
    rake (0.9.2.2)
    rdoc (3.12)
      json (~> 1.4)
    redgreen (1.2.2)
    rubyzip (1.1.7)
    shoulda (3.5.0)
      shoulda-context (~> 1.0, >= 1.0.1)
      shoulda-matchers (>= 1.4.1, < 3.0)
    shoulda-context (1.2.1)
    shoulda-matchers (2.8.0)
      activesupport (>= 3.0.0)
    thread_safe (0.3.5)
    thread_safe (0.3.5-java)
    tzinfo (0.3.44)
    zip-zip (0.3)
      rubyzip (>= 1.0.0)

PLATFORMS
  java
  ruby
  x86-mingw32

DEPENDENCIES
  coderative-juicer!
  fakefs (>= 0.6.7)
  jeweler (>= 0.2.1)
  mocha (>= 1.1.0)
  redgreen (>= 1.2.2)
  shoulda (>= 3.5.0)
